PATH
  remote: .
  specs:
    flamboyant (0.0.1.pre)

GEM
  remote: https://rubygems.org/
  specs:

PLATFORMS
  arm64-darwin-21

DEPENDENCIES
  flamboyant!

BUNDLED WITH
   2.4.0.dev
