PATH
  remote: .
  specs:
    flamboyant (0.1.0.rc3)
      rack
      webrick

GEM
  remote: https://rubygems.org/
  specs:
    rack (2.2.3.1)
    rake (13.0.6)
    webrick (1.7.0)

PLATFORMS
  arm64-darwin-21

DEPENDENCIES
  flamboyant!
  rake

BUNDLED WITH
   2.4.0.dev
