PATH
  remote: .
  specs:
    flamboyant (0.0.1.pre)

GEM
  remote: https://rubygems.org/
  specs:
    rake (13.0.6)

PLATFORMS
  arm64-darwin-21

DEPENDENCIES
  flamboyant!
  rake

BUNDLED WITH
   2.3.7
